GEM
  remote: https://rubygems.org/
  specs:
    celluloid (0.15.2)
      timers (~> 1.1.0)
    chunky_png (1.2.9)
    coderay (1.1.0)
    compass (0.12.2)
      chunky_png (~> 1.2)
      fssm (>= 0.2.7)
      sass (~> 3.1)
    ffi (1.9.3)
    fssm (0.2.10)
    json (1.8.1)
    listen (2.4.0)
      celluloid (>= 0.15.2)
      rb-fsevent (>= 0.9.3)
      rb-inotify (>= 0.9)
    method_source (0.8.2)
    pry (0.9.12.4)
      coderay (~> 1.0)
      method_source (~> 0.8)
      slop (~> 3.4)
    rb-fsevent (0.9.3)
    rb-inotify (0.9.3)
      ffi (>= 0.5.0)
    rubyzip (1.1.0)
    sass (3.2.13)
    slop (3.4.7)
    thor (0.18.1)
    timers (1.1.0)
    watson-ruby (1.5.1)
      json

PLATFORMS
  ruby

DEPENDENCIES
  compass
  json
  listen
  pry
  rubyzip
  thor
  watson-ruby
