GEM
  remote: https://rubygems.org/
  specs:
    chunky_png (1.2.9)
    coderay (1.1.0)
    compass (0.12.2)
      chunky_png (~> 1.2)
      fssm (>= 0.2.7)
      sass (~> 3.1)
    fssm (0.2.10)
    json (1.8.1)
    method_source (0.8.2)
    pry (0.9.12.4)
      coderay (~> 1.0)
      method_source (~> 0.8)
      slop (~> 3.4)
    rubyzip (1.1.0)
    sass (3.2.13)
    slop (3.4.7)
    thor (0.18.1)
    watson-ruby (1.5.1)
      json

PLATFORMS
  ruby

DEPENDENCIES
  compass
  json
  pry
  rubyzip
  thor
  watson-ruby
